GIT
  remote: https://github.com/leonis/itamae-plugin-recipe-erlang.git
  revision: b253ade835ddd625ea630cfbc6183d72048d14fc
  specs:
    itamae-plugin-recipe-erlang (0.1.0)
      itamae (~> 1.2)

PATH
  remote: .
  specs:
    itamae-plugin-recipe-rabbitmq (0.1.0)
      itamae (~> 1.2)
      itamae-plugin-recipe-erlang

GEM
  remote: https://rubygems.org/
  specs:
    ansi (1.5.0)
    hashie (3.4.1)
    itamae (1.2.16)
      ansi
      hashie
      schash (~> 0.1.0)
      specinfra (>= 2.31.0, < 3.0.0)
      thor
    net-scp (1.2.1)
      net-ssh (>= 2.6.5)
    net-ssh (2.9.2)
    rake (10.4.2)
    schash (0.1.1)
    specinfra (2.32.0)
      net-scp
      net-ssh
    thor (0.19.1)

PLATFORMS
  ruby

DEPENDENCIES
  bundler (~> 1.9)
  itamae-plugin-recipe-erlang!
  itamae-plugin-recipe-rabbitmq!
  rake (~> 10.0)
